PATH
  remote: .
  specs:
    nanoc_fuel (0.0.1)
      haml (>= 3.1.1)
      nanoc (>= 3.1.6)

GEM
  remote: http://rubygems.org/
  specs:
    cri (1.0.1)
    haml (3.1.1)
    nanoc (3.1.6)
      nanoc3 (>= 3.1.6)
    nanoc3 (3.1.6)
      cri (>= 1.0.0)

PLATFORMS
  ruby

DEPENDENCIES
  nanoc_fuel!
